GEM
  remote: https://rubygems.org/
  specs:
    psych (3.0.2)
    redcarpet (3.4.0)

PLATFORMS
  ruby

DEPENDENCIES
  psych
  redcarpet

BUNDLED WITH
   1.16.3
