GEM
  remote: https://rubygems.org/
  specs:
    psych (3.0.2)
    redcarpet (3.4.0)
    sitemap_generator (6.0.2)
      builder (~> 3.0)

PLATFORMS
  ruby

DEPENDENCIES
  psych
  redcarpet
  sitemap_generator

BUNDLED WITH
   1.16.3
