GEM
  remote: https://rubygems.org/
  specs:
    builder (3.2.3)
    coderay (1.1.2)
    method_source (0.9.2)
    pry (0.12.2)
      coderay (~> 1.1.0)
      method_source (~> 0.9.0)
    psych (3.0.2)
    redcarpet (3.4.0)
    sitemap_generator (6.0.2)
      builder (~> 3.0)

PLATFORMS
  ruby

DEPENDENCIES
  pry (~> 0.12.2)
  psych
  redcarpet
  sitemap_generator

BUNDLED WITH
   1.16.3
